GEM
  remote: https://rubygems.org/
  specs:
    awesome_print (1.2.0)
    power_assert (0.1.3)
    rake (10.1.0)
    test-unit (3.0.1)
      power_assert

PLATFORMS
  ruby

DEPENDENCIES
  awesome_print
  rake
  test-unit
